GEM
  remote: https://rubygems.org/
  specs:
    kramdown (2.3.0)
      rexml
    rexml (3.2.4)

PLATFORMS
  x86_64-darwin-20

DEPENDENCIES
  kramdown (= 2.3.0)

BUNDLED WITH
   2.2.12
